GEM
  remote: http://rubygems.org/
  specs:
    ffi (1.0.11)
    guard (0.10.0)
      ffi (>= 0.5.0)
      thor (~> 0.14.6)
    guard-minitest (0.4.0)
      guard (~> 0.4)
    metaclass (0.0.1)
    mocha (0.10.2)
      metaclass (~> 0.0.1)
    rb-fsevent (0.4.3.1)
    thor (0.14.6)

PLATFORMS
  ruby

DEPENDENCIES
  guard-minitest (~> 0.4)
  mocha (~> 0.10)
  rb-fsevent (~> 0.4)
